GEM
  remote: https://rubygems.org/
  specs:
<<<<<<< HEAD
    addressable (2.5.2)
      public_suffix (>= 2.0.2, < 4.0)
=======
    addressable (2.5.1)
      public_suffix (~> 2.0, >= 2.0.2)
>>>>>>> b1d0b62aa5e4c442bfb81a3dc720c13b19400975
    bond (0.5.1)
    buftok (0.2.0)
    domain_name (0.5.20170404)
      unf (>= 0.0.5, < 1.0.0)
    equalizer (0.0.11)
<<<<<<< HEAD
    haml (5.0.4)
      temple (>= 0.8.0)
      tilt
    hashie (3.5.7)
    http (3.0.0)
      addressable (~> 2.3)
      http-cookie (~> 1.0)
      http-form_data (>= 2.0.0.pre.pre2, < 3)
      http_parser.rb (~> 0.6.0)
    http-cookie (1.0.3)
      domain_name (~> 0.5)
    http-form_data (2.1.0)
=======
    faraday (0.11.0)
      multipart-post (>= 1.2, < 3)
    haml (5.0.2)
      temple (>= 0.8.0)
      tilt
    hashie (3.5.6)
    http (2.2.2)
      addressable (~> 2.3)
      http-cookie (~> 1.0)
      http-form_data (~> 1.0.1)
      http_parser.rb (~> 0.6.0)
    http-cookie (1.0.3)
      domain_name (~> 0.5)
    http-form_data (1.0.3)
>>>>>>> b1d0b62aa5e4c442bfb81a3dc720c13b19400975
    http_parser.rb (0.6.0)
    memoizable (0.4.2)
      thread_safe (~> 0.3, >= 0.3.1)
    multipart-post (2.0.0)
<<<<<<< HEAD
    mustermann (1.0.2)
    naught (1.1.0)
    oauth (0.5.4)
    omniauth (1.8.1)
=======
    mustermann (1.0.0)
    naught (1.1.0)
    oauth (0.5.3)
    omniauth (1.6.1)
>>>>>>> b1d0b62aa5e4c442bfb81a3dc720c13b19400975
      hashie (>= 3.4.6, < 3.6.0)
      rack (>= 1.6.2, < 3)
    omniauth-oauth (1.1.0)
      oauth
      omniauth (~> 1.0)
    omniauth-twitter (1.4.0)
      omniauth-oauth (~> 1.1)
      rack
<<<<<<< HEAD
    public_suffix (3.0.2)
    rack (2.0.4)
    rack-protection (2.0.1)
=======
    public_suffix (2.0.5)
    rack (2.0.3)
    rack-protection (2.0.0)
>>>>>>> b1d0b62aa5e4c442bfb81a3dc720c13b19400975
      rack
    rack-test (0.6.3)
      rack (>= 1.0)
    rack_csrf (2.6.0)
      rack (>= 1.1.0)
    ripl (0.7.1)
      bond (~> 0.5.1)
    ripl-multi_line (0.3.1)
      ripl (>= 0.3.6)
    ripl-rack (0.2.1)
      rack (>= 1.0)
      rack-test (~> 0.6.2)
      ripl (>= 0.7.0)
    shotgun (0.9.2)
      rack (>= 1.0)
    simple_oauth (0.3.1)
<<<<<<< HEAD
    sinatra (2.0.1)
      mustermann (~> 1.0)
      rack (~> 2.0)
      rack-protection (= 2.0.1)
=======
    sinatra (2.0.0)
      mustermann (~> 1.0)
      rack (~> 2.0)
      rack-protection (= 2.0.0)
>>>>>>> b1d0b62aa5e4c442bfb81a3dc720c13b19400975
      tilt (~> 2.0)
    temple (0.8.0)
    thread_safe (0.3.6)
    tilt (2.0.8)
    tux (0.3.0)
      ripl (>= 0.3.5)
      ripl-multi_line (>= 0.2.4)
      ripl-rack (>= 0.2.0)
      sinatra (>= 1.2.1)
<<<<<<< HEAD
    twitter (6.2.0)
      addressable (~> 2.3)
      buftok (~> 0.2.0)
      equalizer (~> 0.0.11)
      http (~> 3.0)
      http-form_data (~> 2.0)
      http_parser.rb (~> 0.6.0)
      memoizable (~> 0.4.0)
      multipart-post (~> 2.0)
      naught (~> 1.0)
      simple_oauth (~> 0.3.0)
    unf (0.1.4)
      unf_ext
    unf_ext (0.0.7.5)
=======
    twitter (6.1.0)
      addressable (~> 2.5)
      buftok (~> 0.2.0)
      equalizer (= 0.0.11)
      faraday (~> 0.11.0)
      http (~> 2.1)
      http_parser.rb (~> 0.6.0)
      memoizable (~> 0.4.2)
      naught (~> 1.1)
      simple_oauth (~> 0.3.1)
    unf (0.1.4)
      unf_ext
    unf_ext (0.0.7.4)
>>>>>>> b1d0b62aa5e4c442bfb81a3dc720c13b19400975

PLATFORMS
  ruby

DEPENDENCIES
  haml
  omniauth-twitter
  rack_csrf
  shotgun
  sinatra
  tux
  twitter

BUNDLED WITH
<<<<<<< HEAD
   1.16.1
=======
   1.15.3
>>>>>>> b1d0b62aa5e4c442bfb81a3dc720c13b19400975
